GIT
  remote: git://github.com/mysociety/rails.git
  revision: c0d325a13e133b14d2faa01053226cd77c1378a7
  tag: v2.3.18.1
  specs:
    actionmailer (2.3.18)
      actionpack (= 2.3.18)
    actionpack (2.3.18)
      activesupport (= 2.3.18)
      rack (~> 1.1.0)
    activerecord (2.3.18)
      activesupport (= 2.3.18)
    activeresource (2.3.18)
      activesupport (= 2.3.18)
    activesupport (2.3.18)
    rails (2.3.18)
      actionmailer (= 2.3.18)
      actionpack (= 2.3.18)
      activerecord (= 2.3.18)
      activeresource (= 2.3.18)
      activesupport (= 2.3.18)
      rake (>= 0.8.3)

GIT
  remote: https://github.com/brynary/webrat
  revision: bea5b313783eaaf17e38a05a4eaa8c45c1eedd2a
  ref: bea5b313783eaaf17e38a05a4eaa8c45c1eedd2a
  specs:
    webrat (0.7.3)
      nokogiri (>= 1.2.0)
      rack (>= 1.0)
      rack-test (>= 0.5.3)

GEM
  remote: https://rubygems.org/
  specs:
    addressable (2.3.3)
    annotate (2.5.0)
      rake
    archive-tar-minitar (0.5.2)
    bootstrap-sass (2.3.0.1)
      sass (~> 3.2)
    capistrano (2.14.2)
      highline
      net-scp (>= 1.0.0)
      net-sftp (>= 2.0.0)
      net-ssh (>= 2.0.14)
      net-ssh-gateway (>= 1.1.0)
    chunky_png (1.2.7)
    colorize (0.5.8)
    columnize (0.3.6)
    compass (0.12.2)
      chunky_png (~> 1.2)
      fssm (>= 0.2.7)
      sass (~> 3.1)
    coveralls (0.6.2)
      colorize
      multi_json (~> 1.3)
      rest-client
      simplecov (>= 0.7)
      thor
    daemons (1.1.9)
    erubis (2.7.0)
    eventmachine (1.0.3)
    fakeweb (1.3.0)
    fast_gettext (0.7.0)
    fastercsv (1.5.5)
    fssm (0.2.10)
    gettext (2.3.7)
      levenshtein
      locale
    gettext_i18n_rails (0.9.2)
      fast_gettext (>= 0.4.8)
    haml (4.0.0)
      tilt
    highline (1.6.15)
    hoe (3.5.1)
      rake (>= 0.8, < 11.0)
    i18n (0.6.4)
    json (1.7.7)
    launchy (2.2.0)
      addressable (~> 2.3)
    levenshtein (0.2.2)
    linecache (0.46)
      rbx-require-relative (> 0.0.4)
    linecache19 (0.5.12)
      ruby_core_source (>= 0.1.4)
    locale (2.0.8)
    mahoro (0.3)
    mail (2.4.4)
      i18n (>= 0.4.0)
      mime-types (~> 1.16)
      treetop (~> 1.4.8)
    mailcatcher (0.2.4)
      eventmachine
      haml
      i18n
      json
      mail
      sinatra
      skinny (>= 0.1.2)
      sqlite3-ruby
      thin
    memcache-client (1.8.5)
    mime-types (1.21)
    multi_json (1.6.1)
    net-http-local (0.1.2)
    net-purge (0.1.0)
    net-scp (1.1.0)
      net-ssh (>= 2.6.5)
    net-sftp (2.1.1)
      net-ssh (>= 2.6.5)
    net-ssh (2.6.6)
    net-ssh-gateway (1.2.0)
      net-ssh (>= 2.6.5)
    newrelic_rpm (3.5.8.72)
    nokogiri (1.5.6)
    pg (0.14.1)
    polyglot (0.3.3)
    rack (1.1.6)
    rack-ssl (1.3.3)
      rack
    rack-test (0.6.2)
      rack (>= 1.0)
    rake (0.9.2.2)
    rbx-require-relative (0.0.9)
    rdoc (4.0.0)
      json (~> 1.4)
    recaptcha (0.3.5)
    rest-client (1.6.7)
      mime-types (>= 1.16)
    rmagick (2.13.2)
    routing-filter (0.2.4)
      actionpack
    rspec (1.3.2)
    rspec-rails (1.3.4)
      rack (>= 1.0.0)
      rspec (~> 1.3.1)
    ruby-debug (0.10.4)
      columnize (>= 0.1)
      ruby-debug-base (~> 0.10.4.0)
    ruby-debug-base (0.10.4)
      linecache (>= 0.3)
    ruby-debug-base19 (0.11.25)
      columnize (>= 0.3.1)
      linecache19 (>= 0.5.11)
      ruby_core_source (>= 0.1.4)
    ruby-debug19 (0.11.6)
      columnize (>= 0.3.1)
      linecache19 (>= 0.5.11)
      ruby-debug-base19 (>= 0.11.19)
    ruby-msg (1.5.1)
      ruby-ole (>= 1.2.8)
      vpim (>= 0.360)
    ruby-ole (1.2.11.6)
    ruby_core_source (0.1.5)
      archive-tar-minitar (>= 0.5.2)
    sass (3.2.7)
    simplecov (0.7.1)
      multi_json (~> 1.0)
      simplecov-html (~> 0.7.1)
    simplecov-html (0.7.1)
    sinatra (1.2.8)
      rack (~> 1.1)
      tilt (>= 1.2.2, < 2.0)
    skinny (0.2.3)
      eventmachine (~> 1.0.0)
      thin (~> 1.5.0)
    sqlite3 (1.3.7)
    sqlite3-ruby (1.3.3)
      sqlite3 (>= 1.3.3)
    syslog_protocol (0.9.2)
    test-unit (1.2.3)
      hoe (>= 1.5.1)
    thin (1.5.0)
      daemons (>= 1.0.9)
      eventmachine (>= 0.12.6)
      rack (>= 1.0.0)
    thor (0.17.0)
    tilt (1.3.5)
    treetop (1.4.12)
      polyglot
      polyglot (>= 0.3.1)
    vpim (0.695)
    will_paginate (2.3.16)
    xapian-full-alaveteli (1.2.9.5)
    xml-simple (1.1.2)
    zip (2.0.2)

PLATFORMS
  ruby

DEPENDENCIES
  annotate
  bootstrap-sass
  capistrano
  compass
  coveralls
  erubis
  fakeweb
  fast_gettext (>= 0.6.0)
  fastercsv (>= 1.5.5)
  gettext (~> 2.3.3)
  gettext_i18n_rails (>= 0.7.1)
  json
  launchy
  locale (>= 2.0.5)
  mahoro
  mail (~> 2.4.4)
  mailcatcher
  memcache-client
  net-http-local
  net-purge
  newrelic_rpm
  pg
  rack (~> 1.1.0)
  rack-ssl
  rails!
  rake (= 0.9.2.2)
  rdoc
  recaptcha (~> 0.3.1)
  rmagick
  routing-filter (~> 0.2.4)
  rspec-rails (~> 1.3.4)
  ruby-debug
  ruby-debug19
  ruby-msg (~> 1.5.0)
  syslog_protocol
  test-unit (~> 1.2.3)
  vpim
  webrat!
  will_paginate (~> 2.3.11)
  xapian-full-alaveteli (~> 1.2.9.5)
  xml-simple
  zip
